GEM
  remote: http://rubygems.org/
  specs:
    activemodel (3.0.9)
      activesupport (= 3.0.9)
      builder (~> 2.1.2)
      i18n (~> 0.5.0)
    activesupport (3.0.9)
    addressable (2.2.6)
    aws (2.5.3)
      http_connection
      uuidtools
      xml-simple
    builder (2.1.2)
    concur (0.0.8)
      em-http-request
      eventmachine
      faraday
    crack (0.1.8)
    diff-lcs (1.1.2)
    em-http-request (0.3.0)
      addressable (>= 2.0.0)
      escape_utils
      eventmachine (>= 0.12.9)
    escape_utils (0.2.3)
    eventmachine (0.12.10)
    faraday (0.7.0)
      addressable (~> 2.2.4)
      multipart-post (~> 1.1.0)
      rack (< 2, >= 1.1.0)
    git (1.2.5)
    http_connection (1.4.1)
    httparty (0.7.8)
      crack (= 0.1.8)
    i18n (0.5.0)
    jeweler (1.6.4)
      bundler (~> 1.0)
      git (>= 1.2.5)
      rake
    multipart-post (1.1.2)
    rack (1.2.3)
    rake (0.9.2)
    rcov (0.9.9)
    rspec (2.3.0)
      rspec-core (~> 2.3.0)
      rspec-expectations (~> 2.3.0)
      rspec-mocks (~> 2.3.0)
    rspec-core (2.3.1)
    rspec-expectations (2.3.0)
      diff-lcs (~> 1.1.2)
    rspec-mocks (2.3.0)
    simple_record (2.1.6)
      aws
      concur
    uuidtools (2.1.2)
    xml-simple (1.0.16)

PLATFORMS
  ruby

DEPENDENCIES
  activemodel
  bundler (~> 1.0.0)
  httparty
  jeweler (~> 1.6.0)
  rcov
  rspec (~> 2.3.0)
  simple_record
